PATH
  remote: ../../../../core
  specs:
    torquebox-core (4.0.0.beta3.dev-java)

PATH
  remote: ../../../../web
  specs:
    torquebox-web (4.0.0.beta3.dev-java)
      rack (>= 1.4.0)
      torquebox-core (= 4.0.0.beta3.dev)

GEM
  remote: https://rubygems.org/
  specs:
    rack (1.5.2)

PLATFORMS
  java

DEPENDENCIES
  rack
  torquebox-core!
  torquebox-web!
