PATH
  remote: ../../../../core
  specs:
    torquebox-core (4.0.0.beta3.dev-java)

PATH
  remote: ../../../../web
  specs:
    torquebox-web (4.0.0.beta3.dev-java)
      rack (>= 1.4.0)
      torquebox-core (= 4.0.0.beta3.dev)

GEM
  remote: https://rubygems.org/
  specs:
    rack (1.6.0)
    tubesock (0.2.5)
      rack (>= 1.5.0)
      websocket (>= 1.1.0)
    websocket (1.2.1)

PLATFORMS
  java

DEPENDENCIES
  rack
  torquebox-core!
  torquebox-web!
  tubesock
