PATH
  remote: ../../../../core
  specs:
    torquebox-core (4.0.0.beta1.dev-java)

PATH
  remote: ../../../../web
  specs:
    torquebox-web (4.0.0.beta1.dev-java)
      rack (>= 1.4.0, < 2.0)
      torquebox-core (= 4.0.0.beta1.dev)

GEM
  remote: https://rubygems.org/
  specs:
    haml (4.0.5)
      tilt
    rack (1.5.2)
    rack-protection (1.5.2)
      rack
    sinatra (1.4.4)
      rack (~> 1.4)
      rack-protection (~> 1.4)
      tilt (~> 1.3, >= 1.3.4)
    tilt (1.4.1)

PLATFORMS
  java

DEPENDENCIES
  haml
  sinatra
  torquebox-core!
  torquebox-web!
